PATH
  remote: .
  specs:
    my_example_gem (0.1.0)
      rake (> 1)
      rb_sys (~> 0.9.18)

GEM
  remote: https://rubygems.org/
  specs:
    ast (2.4.2)
    coderay (1.1.3)
    json (2.6.2)
    method_source (1.0.0)
    minitest (5.16.2)
    parallel (1.22.1)
    parser (3.1.2.0)
      ast (~> 2.4.1)
    pry (0.14.1)
      coderay (~> 1.1)
      method_source (~> 1.0)
    rainbow (3.1.1)
    rake (13.0.6)
    rake-compiler (1.2.0)
      rake
    rb_sys (0.9.19)
    regexp_parser (2.5.0)
    rexml (3.2.5)
    rubocop (1.31.2)
      json (~> 2.3)
      parallel (~> 1.10)
      parser (>= 3.1.0.0)
      rainbow (>= 2.2.2, < 4.0)
      regexp_parser (>= 1.8, < 3.0)
      rexml (>= 3.2.5, < 4.0)
      rubocop-ast (>= 1.18.0, < 2.0)
      ruby-progressbar (~> 1.7)
      unicode-display_width (>= 1.4.0, < 3.0)
    rubocop-ast (1.19.1)
      parser (>= 3.1.1.0)
    ruby-progressbar (1.11.0)
    unicode-display_width (2.2.0)

PLATFORMS
  universal-darwin-21

DEPENDENCIES
  minitest (~> 5.0)
  my_example_gem!
  pry
  rake (~> 13.0)
  rake-compiler (~> 1.2.0)
  rubocop (~> 1.21)

BUNDLED WITH
   2.3.16
